GIT
  remote: git://github.com/rubymotion/BubbleWrap.git
  revision: ae9e19c1fa21399b3b2770311353eb046d71c987
  specs:
    bubble-wrap (1.1.4)

GEM
  remote: http://rubygems.org/
  specs:
    remote_model (0.0.3)
      bubble-wrap

PLATFORMS
  ruby

DEPENDENCIES
  bubble-wrap!
  remote_model
