GIT
  remote: git://github.com/clayallsopp/maglev.git
  revision: 30b3b6b181c56161f32750ae9266932b28cb41ac
  specs:
    maglev (0.0.1)
      bubble-wrap
      motion_support

GIT
  remote: git://github.com/rubymotion/BubbleWrap.git
  revision: 88a7c4ec1658d74da44049c03d7451664662c218
  specs:
    bubble-wrap (1.1.3)

GEM
  remote: http://rubygems.org/
  specs:
    colored (1.2)
    formotion (1.1)
      bubble-wrap (>= 1.1.2)
    motion-live (0.1)
      colored (~> 1.2)
      rb-fsevent (~> 0.9.1)
    motion_support (0.0.6)
      bubble-wrap
    rb-fsevent (0.9.2)

PLATFORMS
  ruby

DEPENDENCIES
  bubble-wrap!
  formotion
  maglev!
  motion-live
